GEM
  remote: https://rubygems.org/
  specs:
    CFPropertyList (3.0.3
    snyk-fix-5f8c5529541f50750ab3af133ad30d74
    activesupport (6.1.4.1)
      concurrent-ruby (~> 1.0, >= 1.0.2)
      i18n (>= 1.6, < 2)
      minitest (>= 5.1)
      tzinfo (~> 2.0)
      zeitwerk (~> 2.3)
    activesupport (5.2.6)
      concurrent-ruby (~> 1.0, >= 1.0.2)
      i18n (>= 0.7, < 2)
      minitest (~> 5.1)
      tzinfo (~> 1.1) master
    addressable (2.8.0)
      public_suffix (>= 2.0.2, < 5.0)
    algoliasearch (1.27.5)
      httpclient (~> 2.8, >= 2.8.3)
      json (>= 1.5.1)
    ast (2.4.0)
    atomos (0.1.3)
    snyk-fix-721eea4e5a4a0dbed00ee201c69f1a6e
    claide (1.0.3)
    snyk-fix-5f8c5529541f50750ab3af133ad30d74
    cocoapods (1.11.0)
      addressable (~> 2.8)
      claide (>= 1.0.2, < 2.0)
      cocoapods-core (= 1.11.0)
      cocoapods-deintegrate (>= 1.0.3, < 2.0
      claide (1.0.3)
   snyk-fix-51917cf44c275e3f45cbc5a3079917a7

master
    cocoapods (1.10.2)
      addressable (~> 2.6)
      claide (>= 1.0.2, < 2.0)
      cocoapods-core (= 1.10.2)
      snyk-fix-721eea4e5a4a0dbed00ee201c69f1a6e
  cocoapods (1.10.1)
      addressable (~> 2.6)
      claide (>= 1.0.2, < 2.0)
      cocoapods-core (= 1.10.1)
 master

    cocoapods-deintegrate (>= 1.0.3, < 2.0)
 master
      cocoapods-downloader (>= 1.4.0, < 2.0)
      cocoapods-plugins (>= 1.0.0, < 2.0)
      cocoapods-search (>= 1.0.0, < 2.0)
      cocoapods-trunk (>= 1.4.0, < 2.0)
      cocoapods-try (>= 1.1.0, < 2.0)
      colored2 (~> 3.1)
      escape (~> 0.0.4)
      fourflusher (>= 2.3.0, < 3.0)
      gh_inspector (~> 1.0)
      molinillo (~> 0.8.0)
      nap (~> 1.0)
 snyk-fix-5f8c5529541f50750ab3af133ad30d74
      ruby-macho (>= 1.0, < 3.0)
      xcodeproj (>= 1.21.0, < 2.0)
    cocoapods-core (1.11.0)
      activesupport (>= 5.0, < 7)
      addressable (~> 2.8
      ruby-macho (~> 1.4)
      xcodeproj (>= 1.19.0, < 2.0)
      snyk-fix-721eea4e5a4a0dbed00ee201c69f1a6e
    cocapods-core (1.10.0)
snx-51917cf44c275e3f45cbc5a3079917a7
    cocoapods-core (1.10.2)

    cocoapods-core (1.10.1)
 master

   activesupport (> 5.0, < 6)
      addressable (~> 2.6)
>master
      algoliasearch (~> 1.0)
      concurrent-ruby (~> 1.1)
      fuzzy_match (~> 2.0.4)
      nap (~> 1.0)
      netrc (~> 0.11)
 snyk-fix-5f8c5529541f50750ab3af133ad30d74
      public_suffix (~> 4.0)
      typhoeus (~> 1.0)
    cocoapods-deintegrate (1.0.5)
    cocoapods-downloader (1.5.1)
    cocoapods-plugins (1.0.0)
      nap
    cocoapods-search (1.0.1)
    cocoapods-trunk (1.6.0)

      public_suffix
      typhoeus (~> 1
      snyk-fix-721eea4e5a4a0dbed00ee201c69f1a6e
    cocoapods-deintegrate (1.0.5)
    cocoapods-downloader (1.4.0)
    cocoapods-plugins (1.0.0)
      nap
    cocoapods-search (1.0.1)

    cocoapods-deintegrate (1.0.4)
    cocoapods-downloader (1.4.0)
    cocoapods-plugins (1.0.0)
      nap 
      snyk-fix-51917cf44c275e3f45cbc5a3079917a7
    cocoapods-search (1.0.1)

    cocoapods-search (1.0.0) master
 master
    cocoapods-trunk (1.5.0)
>> master
      nap (>= 0.8, < 2.0)
      netrc (~> 0.11)
    cocoapods-try (1.2.0)
    colored2 (3.1.2)
    concurrent-ruby (1.1.9)
    escape (0.0.4)
    ethon (0.14.0)
      ffi (>= 1.15.0)
snyk-fix-5f8c5529541f50750ab3af133ad30d74
    ffi (1.15.4)

    ffi (1.15.3)
 master
    fourflusher (2.3.1)
    fuzzy_match (2.0.4)
    gh_inspector (1.1.3)
    httpclient (2.8.3)
    i18n (1.8.10)
      concurrent-ruby (~> 1.0)
    jaro_winkler (1.5.3)
    json (2.5.1)
    minitest (5.14.4)
<< snyk-fix-5f8c5529541f50750ab3af133ad30d74
    molinillo (0.8.0)
==
   molinillo (0.6.6)
> master
    nanaimo (0.3.0)
    nap (1.1.0)
    netrc (0.11.0)
    parallel (1.17.0)
    parser (2.6.3.0)
      ast (~> 2.4.0)
    public_suffix (4.0.6)
    rainbow (3.0.0)
    rexml (3.2.5)
    rubocop (0.72.0)
      jaro_winkler (~> 1.5.1)
      parallel (~> 1.10)
      parser (>= 2.6)
      rainbow (>= 2.2.2, < 4.0)
      ruby-progressbar (~> 1.7)
      unicode-display_width (>= 1.4.0, < 1.7)
    ruby-macho (2.5.1)
    ruby-progressbar (1.10.1)
    typhoeus (1.4.0)
      ethon (>= 0.9.0)
 snyk-fix-5f8c5529541f50750ab3af133ad30d74
    tzinfo (2.0.4)
      concurrent-ruby (~> 1.0)
    unicode-display_width (1.6.0)
    xcodeproj (1.21.0)
==
    tzinfo (1.2.9)
      thread_safe (~> 0.1)
    unicode-display_width (1.6.0)
 snyk-fix-721eea4e5a4a0dbed00ee201c69f1a6e
    xcodeproj (1.21.0)

snyk-fix-51917cf44c275e3f45cbc5a3079917a7
    xcodeproj (1.21.0)
    xcodeproj (1.20.0)
 master
>>master
      CFPropertyList (>= 2.3.3, < 4.0)
      atomos (~> 0.1.3)
      claide (>= 1.0.2, < 2.0)
      colored2 (~> 3.1)
      nanaimo (~> 0.3.0)
      rexml (~> 3.2.4
      snyk-fix-5f8c5529541f50750ab3af133ad30d74
    zeitwerk (2.4.2)
=
> master

PLATFORMS
  ruby

DEPENDENCIES
 snyk-fix-5f8c5529541f50750ab3af133ad30d74
  cocoapods (~> 1.10, >= 1.10.0)
==
 snyk-fix-721eea4e5a4a0dbed00ee201c69f1a6e
  cocoapods (~> 1.10, >= 1.10.0)
snyk-fix-51917cf44c275e3f45cbc5a3079917a7
  cocoapods (~> 1.10, >= 1.10.0)

  cocoapods (~> 1.9, >= 1.9.2)
  master
 master
> master
  rubocop

RUBY VERSION
   ruby 2.6.3p62

BUNDLED WITH
   1.17.3
